GEM
  remote: https://ruby.taobao.org/
  specs:
    redis (3.2.1)

PLATFORMS
  ruby

DEPENDENCIES
  redis

BUNDLED WITH
   1.10.6
